PATH
  remote: ../..
  specs:
    honeycomb-beeline (0.1.0)
      libhoney (~> 1.8)

GEM
  remote: https://rubygems.org/
  specs:
    addressable (2.6.0)
      public_suffix (>= 2.0.2, < 4.0)
    domain_name (0.5.20180417)
      unf (>= 0.0.5, < 1.0.0)
    http (4.0.0)
      addressable (~> 2.3)
      http-cookie (~> 1.0)
      http-form_data (~> 2.0)
      http_parser.rb (~> 0.6.0)
    http-cookie (1.0.3)
      domain_name (~> 0.5)
    http-form_data (2.1.1)
    http_parser.rb (0.6.0)
    libhoney (1.12.0)
      addressable (~> 2.0)
      http (>= 2.0, < 5.0)
    public_suffix (3.0.3)
    sequel (5.18.0)
    sqlite3 (1.4.0)
    unf (0.1.4)
      unf_ext
    unf_ext (0.0.7.5)

PLATFORMS
  ruby

DEPENDENCIES
  honeycomb-beeline!
  sequel
  sqlite3

BUNDLED WITH
   1.17.3
